PATH
  remote: ../ProMotion
  specs:
    ProMotion (0.7.5)

GEM
  remote: https://rubygems.org/
  specs:
    bubble-wrap (1.3.0)
    teacup (2.0.2)

PLATFORMS
  ruby

DEPENDENCIES
  ProMotion!
  bubble-wrap
  teacup
