GIT
  remote: git://github.com/clearsightstudio/ProMotion.git
  revision: 07d728fe8d498754f8303cec6b45a3ebfd5f3d6d
  branch: master
  specs:
    ProMotion (1.2.0)
      methadone (~> 1.3.2)
      motion-require (~> 0.2.0)

GEM
  remote: https://rubygems.org/
  specs:
    bubble-wrap (1.3.0)
    methadone (1.3.2)
      bundler
    motion-require (0.2.0)
    teacup (2.1.0)

PLATFORMS
  ruby

DEPENDENCIES
  ProMotion!
  bubble-wrap
  teacup
